GEM
  remote: https://rubygems.org/
  specs:
    packetfu (1.1.10)
    pcaprub (0.12.0)

PLATFORMS
  ruby

DEPENDENCIES
  packetfu
  pcaprub
